PATH
  remote: .
  specs:
    liquid_validations (0.0.1)
      activerecord
      liquid

GEM
  remote: https://rubygems.org/
  specs:
    activemodel (3.2.12)
      activesupport (= 3.2.12)
      builder (~> 3.0.0)
    activerecord (3.2.12)
      activemodel (= 3.2.12)
      activesupport (= 3.2.12)
      arel (~> 3.0.2)
      tzinfo (~> 0.3.29)
    activesupport (3.2.12)
      i18n (~> 0.6)
      multi_json (~> 1.0)
    arel (3.0.2)
    builder (3.0.4)
    i18n (0.6.4)
    liquid (2.5.0)
    multi_json (1.6.1)
    rake (10.0.3)
    sqlite3 (1.3.7)
    tzinfo (0.3.36)

PLATFORMS
  ruby

DEPENDENCIES
  liquid_validations!
  rake
  sqlite3
