PATH
  remote: .
  specs:
    liquid-validations (1.1.2)
      activerecord
      liquid (~> 2)

GEM
  remote: https://rubygems.org/
  specs:
    activemodel (4.0.10)
      activesupport (= 4.0.10)
      builder (~> 3.1.0)
    activerecord (4.0.10)
      activemodel (= 4.0.10)
      activerecord-deprecated_finders (~> 1.0.2)
      activesupport (= 4.0.10)
      arel (~> 4.0.0)
    activerecord-deprecated_finders (1.0.3)
    activesupport (4.0.10)
      i18n (~> 0.6, >= 0.6.9)
      minitest (~> 4.2)
      multi_json (~> 1.3)
      thread_safe (~> 0.1)
      tzinfo (~> 0.3.37)
    arel (4.0.2)
    builder (3.1.4)
    i18n (0.6.11)
    liquid (2.6.1)
    minitest (4.6.2)
    multi_json (1.10.1)
    rake (10.0.3)
    sqlite3 (1.3.7)
    thread_safe (0.3.4)
    tzinfo (0.3.41)

PLATFORMS
  ruby

DEPENDENCIES
  liquid-validations!
  minitest
  rake
  sqlite3
